GIT
  remote: https://github.com/mike-bourgeous/mb-util.git
  revision: f52d4db34a644b12a5d4c0bcabefa61ff966181c
  specs:
    mb-util (0.1.21.usegit)

PATH
  remote: .
  specs:
    mb-math (0.2.8.usegit)
      bigdecimal (~> 3.1.8)
      cmath (~> 1.0.0)
      matrix (~> 0.4.2)
      mb-util (>= 0.1.21.usegit)
      numo-narray (~> 0.9.2.1)
      numo-pocketfft (~> 0.4.1)
      prime (~> 0.1.3)

GEM
  remote: https://rubygems.org/
  specs:
    bigdecimal (3.1.9)
    byebug (11.1.3)
    cmath (1.0.0)
    coderay (1.1.3)
    diff-lcs (1.5.1)
    docile (1.4.1)
    forwardable (1.3.3)
    matrix (0.4.2)
    method_source (1.1.0)
    numo-narray (0.9.2.1)
    numo-pocketfft (0.4.1)
      numo-narray (>= 0.9.1)
    prime (0.1.3)
      forwardable
      singleton
    pry (0.14.2)
      coderay (~> 1.1)
      method_source (~> 1.0)
    pry-byebug (3.10.1)
      byebug (~> 11.0)
      pry (>= 0.13, < 0.15)
    pry-doc (1.5.0)
      pry (~> 0.11)
      yard (~> 0.9.11)
    rake (13.2.1)
    rspec (3.10.0)
      rspec-core (~> 3.10.0)
      rspec-expectations (~> 3.10.0)
      rspec-mocks (~> 3.10.0)
    rspec-core (3.10.2)
      rspec-support (~> 3.10.0)
    rspec-expectations (3.10.2)
      diff-lcs (>= 1.2.0, < 2.0)
      rspec-support (~> 3.10.0)
    rspec-mocks (3.10.3)
      diff-lcs (>= 1.2.0, < 2.0)
      rspec-support (~> 3.10.0)
    rspec-support (3.10.3)
    simplecov (0.21.2)
      docile (~> 1.1)
      simplecov-html (~> 0.11)
      simplecov_json_formatter (~> 0.1)
    simplecov-html (0.13.1)
    simplecov_json_formatter (0.1.4)
    singleton (0.3.0)
    yard (0.9.37)

PLATFORMS
  ruby

DEPENDENCIES
  mb-math!
  mb-util!
  pry
  pry-byebug
  pry-doc
  rake (~> 13.0)
  rspec (~> 3.10.0)
  simplecov (~> 0.21.2)

BUNDLED WITH
   2.4.22
