PATH
  remote: .
  specs:
    mb-math (0.0.0.usegit)

GEM
  remote: https://rubygems.org/
  specs:
    coderay (1.1.3)
    method_source (1.0.0)
    pry (0.14.1)
      coderay (~> 1.1)
      method_source (~> 1.0)
    rake (13.0.3)

PLATFORMS
  ruby

DEPENDENCIES
  mb-math!
  pry
  rake (~> 13.0)

BUNDLED WITH
   2.1.4
